PATH
  remote: .
  specs:
    ruby_2048 (0.0.1)
      markaby
      sinatra

GEM
  remote: https://rubygems.org/
  specs:
    builder (3.2.2)
    markaby (0.8.0)
      builder
    minitest (5.3.5)
    rack (1.5.2)
    rack-protection (1.5.3)
      rack
    rack-test (0.6.2)
      rack (>= 1.0)
    rake (10.3.2)
    shotgun (0.9)
      rack (>= 1.0)
    sinatra (1.4.5)
      rack (~> 1.4)
      rack-protection (~> 1.4)
      tilt (~> 1.3, >= 1.3.4)
    tilt (1.4.1)

PLATFORMS
  ruby

DEPENDENCIES
  bundler (~> 1.5)
  minitest
  rack-test
  rake
  ruby_2048!
  shotgun
